RESTRICTION: || (== net471) (== netcoreapp2.0) (== netstandard2.0)
NUGET
  remote: https://api.nuget.org/v3/index.json
    FSharp.Core (4.3.4)

GROUP Build
CONTENT: NONE
RESTRICTION: == net45
NUGET
  remote: https://api.nuget.org/v3/index.json
    FAKE (4.63.2)
    Mono.Cecil (0.10)
    SourceLink.Fake (1.1)
GITHUB
  remote: aardvark-platform/aardvark.fake
    FULLPROJECT (cb65d88da922ed4d3500a4c0d419ee5512dca674)
      FAKE (>= 4.63 < 4.64)
      Mono.Cecil (>= 0.10.0-beta6 < 0.11)
      SourceLink.Fake (>= 1.1 < 1.2)